GIT
  remote: git://github.com/maccman/catapult.git
  revision: 911266797a94ee79cb72548bb92efb53ce9c5955
  specs:
    catapult (0.0.4)
      coffee-script (~> 2.2.0)
      listen (~> 0.7.3)
      rack (~> 1.5.2)
      rb-fsevent (~> 0.9)
      sprockets (~> 2.9.2)
      sprockets-commonjs (~> 0.0.5)
      stylus (~> 0.7.1)
      thin (~> 1.5.1)
      thor (~> 0.18.1)

GEM
  remote: https://rubygems.org/
  specs:
    classifier (1.3.3)
      fast-stemmer (>= 1.0.0)
    coffee-script (2.2.0)
      coffee-script-source
      execjs
    coffee-script-source (1.6.3)
    colorator (0.1)
    commander (4.1.5)
      highline (~> 1.6.11)
    daemons (1.1.9)
    directory_watcher (1.4.1)
    dotenv (0.9.0)
    eventmachine (1.0.3)
    execjs (2.0.2)
    fast-stemmer (1.0.2)
    foreman (0.63.0)
      dotenv (>= 0.7)
      thor (>= 0.13.6)
    highline (1.6.20)
    hike (1.2.3)
    jekyll (1.2.1)
      classifier (~> 1.3)
      colorator (~> 0.1)
      commander (~> 4.1.3)
      directory_watcher (~> 1.4.1)
      liquid (~> 2.5.2)
      maruku (~> 0.5)
      pygments.rb (~> 0.5.0)
      redcarpet (~> 2.3.0)
      safe_yaml (~> 0.7.0)
    json (1.8.1)
    kramdown (1.2.0)
    liquid (2.5.4)
    listen (0.7.3)
    maruku (0.7.0)
    multi_json (1.8.2)
    posix-spawn (0.3.6)
    pygments.rb (0.5.4)
      posix-spawn (~> 0.3.6)
      yajl-ruby (~> 1.1.0)
    rack (1.5.2)
    rb-fsevent (0.9.3)
    redcarpet (2.3.0)
    safe_yaml (0.7.1)
    sass (3.2.12)
    sprockets (2.9.3)
      hike (~> 1.2)
      multi_json (~> 1.0)
      rack (~> 1.0)
      tilt (~> 1.1, != 1.3.0)
    sprockets-commonjs (0.0.6)
      sprockets (~> 2.9.2)
    stylus (0.7.2)
      execjs
      stylus-source
    stylus-source (0.38.0)
    thin (1.5.1)
      daemons (>= 1.0.9)
      eventmachine (>= 0.12.6)
      rack (>= 1.0.0)
    thor (0.18.1)
    tilt (1.4.1)
    uglifier (2.3.0)
      execjs (>= 0.3.0)
      json (>= 1.8.0)
    yajl-ruby (1.1.0)

PLATFORMS
  ruby

DEPENDENCIES
  catapult!
  foreman
  jekyll
  kramdown
  sass
  uglifier
